PATH
  remote: .
  specs:
    sakura_object_storage (0.1.0)

GEM
  remote: https://rubygems.org/
  specs:
    power_assert (1.0.2)
    rake (12.0.0)
    test-unit (3.2.4)
      power_assert

PLATFORMS
  ruby

DEPENDENCIES
  bundler (~> 1.12)
  rake
  sakura_object_storage!
  test-unit

BUNDLED WITH
   1.12.1
